GEM
  remote: http://rubygems.org/
  specs:
    addressable (2.3.3)
    diff-lcs (1.2.5)
    kata (1.0.7)
    launchy (2.2.0)
      addressable (~> 2.3)
    rspec (2.14.1)
      rspec-core (~> 2.14.0)
      rspec-expectations (~> 2.14.0)
      rspec-mocks (~> 2.14.0)
    rspec-core (2.14.7)
    rspec-expectations (2.14.4)
      diff-lcs (>= 1.1.3, < 2.0)
    rspec-mocks (2.14.4)

PLATFORMS
  ruby

DEPENDENCIES
  kata
  launchy
  rspec
